GEM
  remote: https://rubygems.org/
  specs:
    coderay (1.1.3)
    httparty (0.19.1)
      mime-types (~> 3.0)
      multi_xml (>= 0.5.2)
    method_source (1.0.0)
    mime-types (3.5.1)
      mime-types-data (~> 3.2015)
    mime-types-data (3.2023.1003)
    multi_xml (0.6.0)
    pry (0.14.2)
      coderay (~> 1.1)
      method_source (~> 1.0)
    resemble (1.2.2)
      httparty (~> 0.19.0)

PLATFORMS
  arm64-darwin-22

DEPENDENCIES
  httparty (~> 0.19.0)
  pry
  resemble (~> 1.2)

BUNDLED WITH
   2.4.14
